PATH
  remote: .
  specs:
    capistrano-simple-formatter (0.2)
      colored (~> 1.2)
      highline (~> 1.6.21)
      sshkit (~> 1.3)

GEM
  remote: https://rubygems.org/
  specs:
    colored (1.2)
    colorize (0.7.3)
    highline (1.6.21)
    net-scp (1.2.1)
      net-ssh (>= 2.6.5)
    net-ssh (2.9.1)
    rake (10.3.2)
    sshkit (1.5.1)
      colorize
      net-scp (>= 1.1.2)
      net-ssh (>= 2.8.0)

PLATFORMS
  ruby

DEPENDENCIES
  bundler (~> 1.6)
  capistrano-simple-formatter!
  rake
